GIT
  remote: git://github.com/malida/sprockets.git
  revision: 9d7fd20b9201ec2cc315a092824cb01915fa2d0a
  branch: jsminc
  specs:
    sprockets (4.0.0)
      rack (~> 1.0)

GEM
  remote: http://rubygems.org/
  specs:
    jsminc (1.1.1)
    rack (1.6.4)
    sass (3.4.16)

PLATFORMS
  ruby

DEPENDENCIES
  jsminc
  sass
  sprockets!

BUNDLED WITH
   1.10.6
